GIT
  remote: http://github.com/cgod/attr_encrypted.git
  revision: 21daebc
  specs:
    attr_encrypted (1.1.2)
      eigenclass (>= 1.1.1)
      encryptor (>= 1.1.0)
      mocha (>= 0.9.8)

GEM
  remote: http://rubygems.org/
  specs:
    RedCloth (4.2.3)
    ZenTest (4.4.0)
    actionmailer (2.3.8)
      actionpack (= 2.3.8)
    actionpack (2.3.8)
      activesupport (= 2.3.8)
      rack (~> 1.1.0)
    activerecord (2.3.8)
      activesupport (= 2.3.8)
    activeresource (2.3.8)
      activesupport (= 2.3.8)
    activesupport (2.3.8)
    acts-as-taggable-on (2.0.6)
    devise (1.0.8)
      warden (~> 0.10.3)
    dsander-reve (0.0.132)
      hpricot (>= 0.6)
    eigenclass (1.1.1)
    encryptor (1.1.1)
    factory_girl (1.3.2)
    haml (3.0.18)
    hoe (2.6.2)
      rake (>= 0.8.7)
      rubyforge (>= 2.0.4)
    hpricot (0.8.2)
    json (1.4.6)
    json_pure (1.4.6)
    mini_magick (2.1)
      subexec (~> 0.0.4)
    mocha (0.9.8)
      rake
    pg (0.9.0)
    rack (1.1.0)
    rails (2.3.8)
      actionmailer (= 2.3.8)
      actionpack (= 2.3.8)
      activerecord (= 2.3.8)
      activeresource (= 2.3.8)
      activesupport (= 2.3.8)
      rake (>= 0.8.3)
    rake (0.8.7)
    rdoc (2.5.11)
    rdoc-data (2.5.3)
      rdoc (~> 2.5)
    redis (2.0.10)
    redis-namespace (0.8.0)
      redis (< 3.0.0)
    resque (1.10.0)
      json (~> 1.4.6)
      redis-namespace (~> 0.8.0)
      sinatra (>= 0.9.2)
      vegas (~> 0.1.2)
    rspec (1.3.0)
    rubyforge (2.0.4)
      json_pure (>= 1.1.7)
    simplecov (0.3.6)
      simplecov-html (>= 0.3.7)
    simplecov-html (0.3.8)
    sinatra (1.0)
      rack (>= 1.0)
    subexec (0.0.4)
    syntax (1.0.0)
    test-unit (1.2.3)
      hoe (>= 1.5.1)
    vegas (0.1.7)
      rack (>= 1.0.0)
    warden (0.10.7)
      rack (>= 1.0.0)

PLATFORMS
  ruby

DEPENDENCIES
  RedCloth
  ZenTest
  acts-as-taggable-on
  attr_encrypted!
  devise (= 1.0.8)
  dsander-reve
  factory_girl
  haml
  mini_magick
  pg
  rails (= 2.3.8)
  rdoc
  rdoc-data
  resque
  rspec
  simplecov (>= 0.3.2)
  syntax
  test-unit (= 1.2.3)
  warden
